GEM
  remote: https://rubygems.org/
  specs:
    backports (3.18.1)
    ffi (1.13.1)
    ffi (1.13.1-x64-mingw32)
    foreman (0.87.1)
    listen (3.2.1)
      rb-fsevent (~> 0.10, >= 0.10.3)
      rb-inotify (~> 0.9, >= 0.9.10)
    multi_json (1.14.1)
    mustermann (1.0.3)
    rack (2.2.3)
    rack-protection (2.0.5)
      rack
    rb-fsevent (0.10.4)
    rb-inotify (0.10.1)
      ffi (~> 1.0)
    redis (4.1.2)
    rerun (0.13.0)
      listen (~> 3.0)
    sinatra (2.0.5)
      mustermann (~> 1.0)
      rack (~> 2.0)
      rack-protection (= 2.0.5)
      tilt (~> 2.0)
    sinatra-contrib (2.0.5)
      backports (>= 2.8.2)
      multi_json
      mustermann (~> 1.0)
      rack-protection (= 2.0.5)
      sinatra (= 2.0.5)
      tilt (>= 1.3, < 3)
    sinatra-reloader (1.0)
      sinatra-contrib
    tilt (2.0.9)

PLATFORMS
  ruby
  x64-mingw32

DEPENDENCIES
  foreman
  redis
  rerun
  sinatra
  sinatra-reloader

BUNDLED WITH
   2.0.2
